GEM
  remote: http://rubygems.org/
  specs:
    curb (0.7.15)
    curb-fu (0.4.4)
      curb (>= 0.5.4.0)
      rack-test (>= 0.2.0)
    json (1.5.1)
    rack (1.3.0)
    rack-test (0.6.0)
      rack (>= 1.0)
    rake (0.9.0)
    shotgun (0.9)
      rack (>= 1.0)
    sinatra (1.2.6)
      rack (~> 1.1)
      tilt (>= 1.2.2, < 2.0)
    tilt (1.3.2)

PLATFORMS
  ruby

DEPENDENCIES
  curb-fu
  json
  rake
  shotgun
  sinatra
